GIT
  remote: https://github.com/fhir-crucible/fhir_client.git
  revision: d59de3372268a61915db07bfd89c8ef67521a524
  branch: master
  specs:
    fhir_client (1.0.0)

GIT
  remote: https://github.com/fhir-crucible/fhir_dstu2_models
  revision: b0ba7f2f98366e406935968bc8aab3ccff330ccc
  branch: master
  specs:
    fhir_model (1.0.0)

PATH
  remote: .
  specs:
    plan_executor (1.0.0)

GEM
  remote: http://rubygems.org/
  specs:
    actionmailer (4.0.13)
      actionpack (= 4.0.13)
      mail (~> 2.5, >= 2.5.4)
    actionpack (4.0.13)
      activesupport (= 4.0.13)
      builder (~> 3.1.0)
      erubis (~> 2.7.0)
      rack (~> 1.5.2)
      rack-test (~> 0.6.2)
    activemodel (4.0.13)
      activesupport (= 4.0.13)
      builder (~> 3.1.0)
    activerecord (4.0.13)
      activemodel (= 4.0.13)
      activerecord-deprecated_finders (~> 1.0.2)
      activesupport (= 4.0.13)
      arel (~> 4.0.0)
    activerecord-deprecated_finders (1.0.4)
    activesupport (4.0.13)
      i18n (~> 0.6, >= 0.6.9)
      minitest (~> 4.2)
      multi_json (~> 1.3)
      thread_safe (~> 0.1)
      tzinfo (~> 0.3.37)
    addressable (2.3.8)
    ansi (1.5.0)
    arel (4.0.2)
    awesome_print (1.6.1)
    bcp47 (0.3.3)
      i18n
    bson (2.3.0)
    builder (3.1.4)
    childprocess (0.5.6)
      ffi (~> 1.0, >= 1.0.11)
    coderay (1.1.0)
    connection_pool (2.2.0)
    crack (0.4.2)
      safe_yaml (~> 1.0.0)
    date_time_precision (0.8.0)
    docile (1.1.5)
    domain_name (0.5.24)
      unf (>= 0.0.5, < 1.0.0)
    easy_diff (0.0.4)
    erubis (2.7.0)
    faraday (0.9.1)
      multipart-post (>= 1.2, < 3)
    ffi (1.9.10)
    http-cookie (1.0.2)
      domain_name (~> 0.5)
    i18n (0.7.0)
    json (1.8.2)
    jwt (1.5.1)
    mail (2.6.3)
      mime-types (>= 1.16, < 3)
    method_source (0.8.2)
    mime-types (2.4.3)
    mini_portile (0.6.2)
    minitest (4.7.5)
    mongoid (4.0.2)
      activemodel (~> 4.0)
      moped (~> 2.0.0)
      origin (~> 2.1)
      tzinfo (>= 0.3.37)
    mongoid-history (0.4.7)
      activesupport
      easy_diff
      mongoid (>= 3.0)
    moped (2.0.4)
      bson (~> 2.2)
      connection_pool (~> 2.0)
      optionable (~> 0.2.0)
    multi_json (1.11.0)
    multi_xml (0.5.5)
    multipart-post (2.0.0)
    netrc (0.10.3)
    nokogiri (1.6.6.2)
      mini_portile (~> 0.6.0)
    nokogiri-diff (0.2.0)
      nokogiri (~> 1.5)
      tdiff (~> 0.3, >= 0.3.2)
    oauth2 (1.0.0)
      faraday (>= 0.8, < 0.10)
      jwt (~> 1.0)
      multi_json (~> 1.3)
      multi_xml (~> 0.5)
      rack (~> 1.2)
    optionable (0.2.0)
    origin (2.1.1)
    pry (0.10.1)
      coderay (~> 1.1.0)
      method_source (~> 0.8.1)
      slop (~> 3.4)
    rack (1.5.2)
    rack-test (0.6.3)
      rack (>= 1.0)
    rails (4.0.13)
      actionmailer (= 4.0.13)
      actionpack (= 4.0.13)
      activerecord (= 4.0.13)
      activesupport (= 4.0.13)
      bundler (>= 1.3.0, < 2.0)
      railties (= 4.0.13)
      sprockets-rails (~> 2.0)
    railties (4.0.13)
      actionpack (= 4.0.13)
      activesupport (= 4.0.13)
      rake (>= 0.8.7)
      thor (>= 0.18.1, < 2.0)
    rake (10.4.2)
    rest-client (1.8.0)
      http-cookie (>= 1.0.2, < 2.0)
      mime-types (>= 1.16, < 3.0)
      netrc (~> 0.7)
    rubyzip (1.1.7)
    safe_yaml (1.0.4)
    selenium-webdriver (2.46.2)
      childprocess (~> 0.5)
      multi_json (~> 1.0)
      rubyzip (~> 1.0)
      websocket (~> 1.0)
    simplecov (0.10.0)
      docile (~> 1.1.0)
      json (~> 1.8)
      simplecov-html (~> 0.10.0)
    simplecov-html (0.10.0)
    slop (3.6.0)
    sprockets (3.0.2)
      rack (~> 1.0)
    sprockets-rails (2.2.4)
      actionpack (>= 3.0)
      activesupport (>= 3.0)
      sprockets (>= 2.8, < 4.0)
    tdiff (0.3.3)
    thor (0.19.1)
    thread_safe (0.3.5)
    tilt (2.0.1)
    turn (0.9.7)
      ansi
      minitest (~> 4)
    tzinfo (0.3.43)
    unf (0.1.4)
      unf_ext
    unf_ext (0.0.7.1)
    watir-webdriver (0.8.0)
      selenium-webdriver (>= 2.46.2)
    webmock (1.21.0)
      addressable (>= 2.3.6)
      crack (>= 0.3.2)
    websocket (1.2.2)

PLATFORMS
  ruby

DEPENDENCIES
  awesome_print
  bcp47
  builder
  date_time_precision
  fhir_client!
  fhir_model!
  minitest (~> 4.0)
  mongoid
  mongoid-history
  nokogiri
  nokogiri-diff
  oauth2
  plan_executor!
  pry
  rails (>= 4.0.0)
  rake
  rest-client
  selenium-webdriver
  simplecov
  tilt
  turn
  watir-webdriver
  webmock

BUNDLED WITH
   1.10.5
